GEM
  remote: https://rubygems.org/
  specs:
    coderay (1.1.0)
    foreman (0.78.0)
      thor (~> 0.19.1)
    httparty (0.13.3)
      json (~> 1.8)
      multi_xml (>= 0.5.2)
    json (1.8.2)
    method_source (0.8.2)
    multi_xml (0.5.5)
    pry (0.10.1)
      coderay (~> 1.1.0)
      method_source (~> 0.8.1)
      slop (~> 3.4)
    rack (1.6.4)
    rufus-scheduler (3.1.3)
    slop (3.6.0)
    thor (0.19.1)

PLATFORMS
  ruby

DEPENDENCIES
  foreman
  httparty
  pry
  rack
  rufus-scheduler
